GEM
  remote: https://rubygems.org/
  specs:
    cinch (2.2.7)
    cve_crawler (0.3.0)
    diff-lcs (1.2.5)
    gist (4.4.2)
    rspec (3.3.0)
      rspec-core (~> 3.3.0)
      rspec-expectations (~> 3.3.0)
      rspec-mocks (~> 3.3.0)
    rspec-core (3.3.2)
      rspec-support (~> 3.3.0)
    rspec-expectations (3.3.1)
      diff-lcs (>= 1.2.0, < 2.0)
      rspec-support (~> 3.3.0)
    rspec-mocks (3.3.2)
      diff-lcs (>= 1.2.0, < 2.0)
      rspec-support (~> 3.3.0)
    rspec-support (3.3.0)

PLATFORMS
  ruby
  x64-mingw32

DEPENDENCIES
  cinch
  cve_crawler
  gist
  rspec

BUNDLED WITH
   1.10.6
